REDIRECTS: FORCE
RESTRICTION: >= net47
NUGET
  remote: https://www.nuget.org/api/v2
    FAKE (4.63.2)
    FSharp.Core (4.2.3)
      System.Collections (>= 4.0.11) - restriction: && (>= net47) (>= netstandard1.6)
      System.Console (>= 4.0) - restriction: && (>= net47) (>= netstandard1.6)
      System.Diagnostics.Debug (>= 4.0.11) - restriction: && (>= net47) (>= netstandard1.6)
      System.Diagnostics.Tools (>= 4.0.1) - restriction: && (>= net47) (>= netstandard1.6)
      System.Globalization (>= 4.0.11) - restriction: && (>= net47) (>= netstandard1.6)
      System.IO (>= 4.1) - restriction: && (>= net47) (>= netstandard1.6)
      System.Linq (>= 4.1) - restriction: && (>= net47) (>= netstandard1.6)
      System.Linq.Expressions (>= 4.1) - restriction: && (>= net47) (>= netstandard1.6)
      System.Linq.Queryable (>= 4.0.1) - restriction: && (>= net47) (>= netstandard1.6)
      System.Net.Requests (>= 4.0.11) - restriction: && (>= net47) (>= netstandard1.6)
      System.Reflection (>= 4.1) - restriction: && (>= net47) (>= netstandard1.6)
      System.Reflection.Extensions (>= 4.0.1) - restriction: && (>= net47) (>= netstandard1.6)
      System.Resources.ResourceManager (>= 4.0.1) - restriction: && (>= net47) (>= netstandard1.6)
      System.Runtime (>= 4.1) - restriction: && (>= net47) (>= netstandard1.6)
      System.Runtime.Extensions (>= 4.1) - restriction: && (>= net47) (>= netstandard1.6)
      System.Runtime.Numerics (>= 4.0.1) - restriction: && (>= net47) (>= netstandard1.6)
      System.Text.RegularExpressions (>= 4.1) - restriction: && (>= net47) (>= netstandard1.6)
      System.Threading (>= 4.0.11) - restriction: && (>= net47) (>= netstandard1.6)
      System.Threading.Tasks (>= 4.0.11) - restriction: && (>= net47) (>= netstandard1.6)
      System.Threading.Tasks.Parallel (>= 4.0.1) - restriction: && (>= net47) (>= netstandard1.6)
      System.Threading.Thread (>= 4.0) - restriction: && (>= net47) (>= netstandard1.6)
      System.Threading.ThreadPool (>= 4.0.10) - restriction: && (>= net47) (>= netstandard1.6)
      System.Threading.Timer (>= 4.0.1) - restriction: && (>= net47) (>= netstandard1.6)
    Microsoft.NETCore.Platforms (2.0) - restriction: || (&& (>= monoandroid) (>= net47) (< netstandard1.0)) (&& (>= monoandroid) (>= net47) (< netstandard1.3)) (&& (>= monoandroid) (>= net47) (< portable-net45+win8+wpa81)) (&& (>= monoandroid) (>= net47) (< portable-net451+win81+wpa81)) (&& (< net20) (>= net47)) (&& (>= net47) (< netstandard1.3) (>= wpa81)) (&& (>= net47) (>= netstandard1.6)) (&& (>= net47) (>= uap10.0))
    NETStandard.Library (2.0) - restriction: || (&& (>= monoandroid) (>= net47) (< netstandard1.3)) (&& (< net20) (>= net47)) (&& (>= net47) (>= netstandard1.6)) (&& (>= net47) (>= uap10.0))
      Microsoft.NETCore.Platforms (>= 1.1)
    NUnit (3.8.1)
      NETStandard.Library (>= 1.6) - restriction: || (&& (>= monoandroid) (>= net47) (< netstandard1.3)) (&& (< net20) (>= net47)) (&& (>= net47) (>= netstandard1.6)) (&& (>= net47) (>= uap10.0))
      System.Runtime.Loader (>= 4.3) - restriction: && (>= net47) (>= netstandard1.6)
      System.Threading.Thread (>= 4.3) - restriction: && (>= net47) (>= netstandard1.6)
    NUnit.Console (3.7)
      NUnit.ConsoleRunner (>= 3.7)
      NUnit.Extension.NUnitProjectLoader (>= 3.5)
      NUnit.Extension.NUnitV2Driver (>= 3.6)
      NUnit.Extension.NUnitV2ResultWriter (>= 3.5)
      NUnit.Extension.TeamCityEventListener (>= 1.0.2)
      NUnit.Extension.VSProjectLoader (>= 3.5)
    NUnit.ConsoleRunner (3.7)
    NUnit.Extension.NUnitProjectLoader (3.6)
    NUnit.Extension.NUnitV2Driver (3.7)
    NUnit.Extension.NUnitV2ResultWriter (3.6)
    NUnit.Extension.TeamCityEventListener (1.0.2)
    NUnit.Extension.VSProjectLoader (3.6)
    NUnit.Runners (3.7)
      NUnit.ConsoleRunner (>= 3.7)
      NUnit.Extension.NUnitProjectLoader (>= 3.5)
      NUnit.Extension.NUnitV2Driver (>= 3.6)
      NUnit.Extension.NUnitV2ResultWriter (>= 3.5)
      NUnit.Extension.TeamCityEventListener (>= 1.0.2)
      NUnit.Extension.VSProjectLoader (>= 3.5)
    System.Collections (4.3) - restriction: && (>= net47) (>= netstandard1.6)
    System.Console (4.3) - restriction: && (>= net47) (>= netstandard1.6)
    System.Diagnostics.Debug (4.3) - restriction: && (>= net47) (>= netstandard1.6)
    System.Diagnostics.Tools (4.3) - restriction: && (>= net47) (>= netstandard1.6)
    System.Globalization (4.3) - restriction: && (>= net47) (>= netstandard1.6)
    System.IO (4.3) - restriction: && (>= net47) (>= netstandard1.6)
    System.Linq (4.3) - restriction: && (>= net47) (>= netstandard1.6)
      System.Collections (>= 4.3) - restriction: || (&& (>= dnxcore50) (>= net47)) (&& (< net45) (>= net47) (< netstandard1.6)) (&& (>= net47) (>= netstandard1.6))
      System.Diagnostics.Debug (>= 4.3) - restriction: || (&& (>= dnxcore50) (>= net47)) (&& (>= net47) (>= netstandard1.6))
      System.Resources.ResourceManager (>= 4.3) - restriction: || (&& (>= dnxcore50) (>= net47)) (&& (>= net47) (>= netstandard1.6))
      System.Runtime (>= 4.3) - restriction: || (&& (>= dnxcore50) (>= net47)) (&& (< net45) (>= net47) (< netstandard1.6)) (&& (>= net47) (>= netstandard1.6))
      System.Runtime.Extensions (>= 4.3) - restriction: || (&& (>= dnxcore50) (>= net47)) (&& (>= net47) (>= netstandard1.6))
    System.Linq.Expressions (4.3) - restriction: && (>= net47) (>= netstandard1.6)
      System.Collections (>= 4.3) - restriction: || (&& (>= dnxcore50) (>= net47)) (&& (>= net47) (>= netstandard1.6))
      System.Diagnostics.Debug (>= 4.3) - restriction: || (&& (>= dnxcore50) (>= net47)) (&& (>= net47) (>= netstandard1.6))
      System.Globalization (>= 4.3) - restriction: || (&& (>= dnxcore50) (>= net47)) (&& (>= net47) (>= netstandard1.6))
      System.IO (>= 4.3) - restriction: || (&& (>= dnxcore50) (>= net47)) (&& (>= net47) (>= netstandard1.6))
      System.Linq (>= 4.3) - restriction: || (&& (>= dnxcore50) (>= net47)) (&& (>= net47) (>= netstandard1.6))
      System.ObjectModel (>= 4.3) - restriction: && (>= net47) (>= netstandard1.6)
      System.Reflection (>= 4.3) - restriction: || (&& (>= dnxcore50) (>= net47)) (&& (< net45) (>= net47) (< netstandard1.3)) (&& (< net45) (>= net47) (< netstandard1.6)) (&& (>= net47) (>= netstandard1.6))
      System.Reflection.Emit (>= 4.3) - restriction: && (>= net47) (>= netstandard1.6)
      System.Reflection.Emit.ILGeneration (>= 4.3) - restriction: || (&& (>= dnxcore50) (>= net47)) (&& (>= net47) (>= netstandard1.6))
      System.Reflection.Emit.Lightweight (>= 4.3) - restriction: || (&& (>= dnxcore50) (>= net47)) (&& (>= net47) (>= netstandard1.6))
      System.Reflection.Extensions (>= 4.3) - restriction: || (&& (>= dnxcore50) (>= net47)) (&& (>= net47) (>= netstandard1.6))
      System.Reflection.Primitives (>= 4.3) - restriction: || (&& (>= dnxcore50) (>= net47)) (&& (>= net47) (>= netstandard1.6))
      System.Reflection.TypeExtensions (>= 4.3) - restriction: || (&& (>= dnxcore50) (>= net47)) (&& (>= net47) (>= netstandard1.6))
      System.Resources.ResourceManager (>= 4.3) - restriction: || (&& (>= dnxcore50) (>= net47)) (&& (>= net47) (>= netstandard1.6))
      System.Runtime (>= 4.3) - restriction: || (&& (>= dnxcore50) (>= net47)) (&& (< net45) (>= net47) (< netstandard1.3)) (&& (< net45) (>= net47) (< netstandard1.6)) (&& (>= net47) (>= netstandard1.6))
      System.Runtime.Extensions (>= 4.3) - restriction: || (&& (>= dnxcore50) (>= net47)) (&& (>= net47) (>= netstandard1.6))
      System.Threading (>= 4.3) - restriction: || (&& (>= dnxcore50) (>= net47)) (&& (>= net47) (>= netstandard1.6))
    System.Linq.Queryable (4.3) - restriction: && (>= net47) (>= netstandard1.6)
    System.Net.Requests (4.3) - restriction: && (>= net47) (>= netstandard1.6)
    System.ObjectModel (4.3) - restriction: && (>= net47) (>= netstandard1.6)
    System.Reflection (4.3) - restriction: && (>= net47) (>= netstandard1.6)
    System.Reflection.Emit (4.3) - restriction: && (>= net47) (>= netstandard1.6)
    System.Reflection.Emit.ILGeneration (4.3) - restriction: && (>= net47) (>= netstandard1.6)
    System.Reflection.Emit.Lightweight (4.3) - restriction: && (>= net47) (>= netstandard1.6)
    System.Reflection.Extensions (4.3) - restriction: && (>= net47) (>= netstandard1.6)
    System.Reflection.Primitives (4.3) - restriction: && (>= net47) (>= netstandard1.6)
    System.Reflection.TypeExtensions (4.4) - restriction: && (>= net47) (>= netstandard1.6)
    System.Resources.ResourceManager (4.3) - restriction: && (>= net47) (>= netstandard1.6)
    System.Runtime (4.3) - restriction: || (&& (>= net47) (>= netcoreapp1.1)) (&& (>= net47) (>= netstandard1.6))
    System.Runtime.Extensions (4.3) - restriction: && (>= net47) (>= netstandard1.6)
    System.Runtime.Loader (4.3) - restriction: && (>= net47) (>= netstandard1.6)
    System.Runtime.Numerics (4.3) - restriction: && (>= net47) (>= netstandard1.6)
    System.Text.RegularExpressions (4.3) - restriction: && (>= net47) (>= netstandard1.6)
      System.Collections (>= 4.3) - restriction: || (&& (>= dnxcore50) (>= net47)) (&& (>= net47) (>= netstandard1.6))
      System.Globalization (>= 4.3) - restriction: || (&& (>= dnxcore50) (>= net47)) (&& (>= net47) (>= netstandard1.6))
      System.Resources.ResourceManager (>= 4.3) - restriction: || (&& (>= dnxcore50) (>= net47)) (&& (>= net47) (>= netstandard1.6))
      System.Runtime (>= 4.3) - restriction: || (&& (>= dnxcore50) (>= net47)) (&& (< net45) (>= net47) (< netstandard1.3)) (&& (< net45) (>= net47) (< netstandard1.6)) (&& (>= net47) (>= netcoreapp1.1)) (&& (>= net47) (>= netstandard1.6))
      System.Runtime.Extensions (>= 4.3) - restriction: || (&& (>= dnxcore50) (>= net47)) (&& (>= net47) (>= netstandard1.6))
      System.Threading (>= 4.3) - restriction: || (&& (>= dnxcore50) (>= net47)) (&& (>= net47) (>= netstandard1.6))
    System.Threading (4.3) - restriction: && (>= net47) (>= netstandard1.6)
    System.Threading.Tasks (4.3) - restriction: && (>= net47) (>= netstandard1.6)
    System.Threading.Tasks.Parallel (4.3) - restriction: && (>= net47) (>= netstandard1.6)
    System.Threading.Thread (4.3) - restriction: && (>= net47) (>= netstandard1.6)
    System.Threading.ThreadPool (4.3) - restriction: && (>= net47) (>= netstandard1.6)
    System.Threading.Timer (4.3) - restriction: && (>= net47) (>= netstandard1.6)
