REDIRECTS: FORCE
RESTRICTION: >= net46
NUGET
  remote: https://www.nuget.org/api/v2
    FAKE (4.63.2)
    FSharp.Compiler.Tools (4.1.27) - restriction: && (>= net46) (>= netstandard1.6)
    FSharp.Core (4.2.3)
      System.Collections (>= 4.0.11) - restriction: && (>= net46) (>= netstandard1.6)
      System.Console (>= 4.0) - restriction: && (>= net46) (>= netstandard1.6)
      System.Diagnostics.Debug (>= 4.0.11) - restriction: && (>= net46) (>= netstandard1.6)
      System.Diagnostics.Tools (>= 4.0.1) - restriction: && (>= net46) (>= netstandard1.6)
      System.Globalization (>= 4.0.11) - restriction: && (>= net46) (>= netstandard1.6)
      System.IO (>= 4.1) - restriction: && (>= net46) (>= netstandard1.6)
      System.Linq (>= 4.1) - restriction: && (>= net46) (>= netstandard1.6)
      System.Linq.Expressions (>= 4.1) - restriction: && (>= net46) (>= netstandard1.6)
      System.Linq.Queryable (>= 4.0.1) - restriction: && (>= net46) (>= netstandard1.6)
      System.Net.Requests (>= 4.0.11) - restriction: && (>= net46) (>= netstandard1.6)
      System.Reflection (>= 4.1) - restriction: && (>= net46) (>= netstandard1.6)
      System.Reflection.Extensions (>= 4.0.1) - restriction: && (>= net46) (>= netstandard1.6)
      System.Resources.ResourceManager (>= 4.0.1) - restriction: && (>= net46) (>= netstandard1.6)
      System.Runtime (>= 4.1) - restriction: && (>= net46) (>= netstandard1.6)
      System.Runtime.Extensions (>= 4.1) - restriction: && (>= net46) (>= netstandard1.6)
      System.Runtime.Numerics (>= 4.0.1) - restriction: && (>= net46) (>= netstandard1.6)
      System.Text.RegularExpressions (>= 4.1) - restriction: && (>= net46) (>= netstandard1.6)
      System.Threading (>= 4.0.11) - restriction: && (>= net46) (>= netstandard1.6)
      System.Threading.Tasks (>= 4.0.11) - restriction: && (>= net46) (>= netstandard1.6)
      System.Threading.Tasks.Parallel (>= 4.0.1) - restriction: && (>= net46) (>= netstandard1.6)
      System.Threading.Thread (>= 4.0) - restriction: && (>= net46) (>= netstandard1.6)
      System.Threading.ThreadPool (>= 4.0.10) - restriction: && (>= net46) (>= netstandard1.6)
      System.Threading.Timer (>= 4.0.1) - restriction: && (>= net46) (>= netstandard1.6)
    FSharp.NET.Sdk (1.0.5) - restriction: && (>= net46) (>= netstandard1.6)
      FSharp.Compiler.Tools (>= 4.1.17)
    FsUnit.xUnit (3.0)
      FSharp.Core (>= 3.1.2.5) - restriction: && (>= net46) (< netstandard1.6)
      FSharp.Core (>= 4.2.2) - restriction: && (>= net46) (>= netstandard1.6)
      FSharp.NET.Sdk (>= 1.0.5) - restriction: && (>= net46) (>= netstandard1.6)
      NHamcrest (>= 2.0.1) - restriction: && (>= net46) (>= netstandard1.6)
      System.Reflection.TypeExtensions (>= 4.3) - restriction: && (>= net46) (>= netstandard1.6)
      xunit (>= 2.2) - restriction: && (>= net46) (>= netstandard1.6)
      xunit (2.1) - restriction: && (>= net46) (< netstandard1.6)
    NHamcrest (2.0.1) - restriction: && (>= net46) (>= netstandard1.6)
    System.Collections (4.3) - restriction: && (>= net46) (>= netstandard1.6)
    System.Console (4.3) - restriction: && (>= net46) (>= netstandard1.6)
    System.Diagnostics.Debug (4.3) - restriction: && (>= net46) (>= netstandard1.6)
    System.Diagnostics.Tools (4.3) - restriction: && (>= net46) (>= netstandard1.6)
    System.Globalization (4.3) - restriction: && (>= net46) (>= netstandard1.6)
    System.IO (4.3) - restriction: && (>= net46) (>= netstandard1.6)
    System.Linq (4.3) - restriction: && (>= net46) (>= netstandard1.6)
      System.Collections (>= 4.3) - restriction: || (&& (>= dnxcore50) (>= net46)) (&& (< net45) (>= net46) (< netstandard1.6)) (&& (>= net46) (>= netstandard1.6))
      System.Diagnostics.Debug (>= 4.3) - restriction: || (&& (>= dnxcore50) (>= net46)) (&& (>= net46) (>= netstandard1.6))
      System.Resources.ResourceManager (>= 4.3) - restriction: || (&& (>= dnxcore50) (>= net46)) (&& (>= net46) (>= netstandard1.6))
      System.Runtime (>= 4.3) - restriction: || (&& (>= dnxcore50) (>= net46)) (&& (< net45) (>= net46) (< netstandard1.6)) (&& (>= net46) (>= netstandard1.6))
      System.Runtime.Extensions (>= 4.3) - restriction: || (&& (>= dnxcore50) (>= net46)) (&& (>= net46) (>= netstandard1.6))
    System.Linq.Expressions (4.3) - restriction: && (>= net46) (>= netstandard1.6)
      System.Collections (>= 4.3) - restriction: || (&& (>= dnxcore50) (>= net46)) (&& (>= net46) (>= netstandard1.6))
      System.Diagnostics.Debug (>= 4.3) - restriction: || (&& (>= dnxcore50) (>= net46)) (&& (>= net46) (>= netstandard1.6))
      System.Globalization (>= 4.3) - restriction: || (&& (>= dnxcore50) (>= net46)) (&& (>= net46) (>= netstandard1.6))
      System.IO (>= 4.3) - restriction: || (&& (>= dnxcore50) (>= net46)) (&& (>= net46) (>= netstandard1.6))
      System.Linq (>= 4.3) - restriction: || (&& (>= dnxcore50) (>= net46)) (&& (>= net46) (>= netstandard1.6))
      System.ObjectModel (>= 4.3) - restriction: && (>= net46) (>= netstandard1.6)
      System.Reflection (>= 4.3) - restriction: || (&& (>= dnxcore50) (>= net46)) (&& (< net45) (>= net46) (< netstandard1.3)) (&& (< net45) (>= net46) (< netstandard1.6)) (&& (>= net46) (>= netstandard1.6))
      System.Reflection.Emit (>= 4.3) - restriction: && (>= net46) (>= netstandard1.6)
      System.Reflection.Emit.ILGeneration (>= 4.3) - restriction: || (&& (>= dnxcore50) (>= net46)) (&& (>= net46) (>= netstandard1.6))
      System.Reflection.Emit.Lightweight (>= 4.3) - restriction: || (&& (>= dnxcore50) (>= net46)) (&& (>= net46) (>= netstandard1.6))
      System.Reflection.Extensions (>= 4.3) - restriction: || (&& (>= dnxcore50) (>= net46)) (&& (>= net46) (>= netstandard1.6))
      System.Reflection.Primitives (>= 4.3) - restriction: || (&& (>= dnxcore50) (>= net46)) (&& (>= net46) (>= netstandard1.6))
      System.Reflection.TypeExtensions (>= 4.3) - restriction: || (&& (>= dnxcore50) (>= net46)) (&& (>= net46) (>= netstandard1.6))
      System.Resources.ResourceManager (>= 4.3) - restriction: || (&& (>= dnxcore50) (>= net46)) (&& (>= net46) (>= netstandard1.6))
      System.Runtime (>= 4.3) - restriction: || (&& (>= dnxcore50) (>= net46)) (&& (< net45) (>= net46) (< netstandard1.3)) (&& (< net45) (>= net46) (< netstandard1.6)) (&& (>= net46) (>= netstandard1.6))
      System.Runtime.Extensions (>= 4.3) - restriction: || (&& (>= dnxcore50) (>= net46)) (&& (>= net46) (>= netstandard1.6))
      System.Threading (>= 4.3) - restriction: || (&& (>= dnxcore50) (>= net46)) (&& (>= net46) (>= netstandard1.6))
    System.Linq.Queryable (4.3) - restriction: && (>= net46) (>= netstandard1.6)
    System.Net.Requests (4.3) - restriction: && (>= net46) (>= netstandard1.6)
    System.ObjectModel (4.3) - restriction: && (>= net46) (>= netstandard1.6)
    System.Reflection (4.3) - restriction: && (>= net46) (>= netstandard1.6)
    System.Reflection.Emit (4.3) - restriction: && (>= net46) (>= netstandard1.6)
    System.Reflection.Emit.ILGeneration (4.3) - restriction: && (>= net46) (>= netstandard1.6)
    System.Reflection.Emit.Lightweight (4.3) - restriction: && (>= net46) (>= netstandard1.6)
    System.Reflection.Extensions (4.3) - restriction: && (>= net46) (>= netstandard1.6)
    System.Reflection.Primitives (4.3) - restriction: && (>= net46) (>= netstandard1.6)
    System.Reflection.TypeExtensions (4.4) - restriction: && (>= net46) (>= netstandard1.6)
    System.Resources.ResourceManager (4.3) - restriction: && (>= net46) (>= netstandard1.6)
    System.Runtime (4.3) - restriction: || (&& (>= net46) (>= netcoreapp1.1)) (&& (>= net46) (>= netstandard1.6))
    System.Runtime.Extensions (4.3) - restriction: && (>= net46) (>= netstandard1.6)
    System.Runtime.Numerics (4.3) - restriction: && (>= net46) (>= netstandard1.6)
    System.Text.RegularExpressions (4.3) - restriction: && (>= net46) (>= netstandard1.6)
      System.Collections (>= 4.3) - restriction: || (&& (>= dnxcore50) (>= net46)) (&& (>= net46) (>= netstandard1.6))
      System.Globalization (>= 4.3) - restriction: || (&& (>= dnxcore50) (>= net46)) (&& (>= net46) (>= netstandard1.6))
      System.Resources.ResourceManager (>= 4.3) - restriction: || (&& (>= dnxcore50) (>= net46)) (&& (>= net46) (>= netstandard1.6))
      System.Runtime (>= 4.3) - restriction: || (&& (>= dnxcore50) (>= net46)) (&& (< net45) (>= net46) (< netstandard1.3)) (&& (< net45) (>= net46) (< netstandard1.6)) (&& (>= net46) (>= netcoreapp1.1)) (&& (>= net46) (>= netstandard1.6))
      System.Runtime.Extensions (>= 4.3) - restriction: || (&& (>= dnxcore50) (>= net46)) (&& (>= net46) (>= netstandard1.6))
      System.Threading (>= 4.3) - restriction: || (&& (>= dnxcore50) (>= net46)) (&& (>= net46) (>= netstandard1.6))
    System.Threading (4.3) - restriction: && (>= net46) (>= netstandard1.6)
    System.Threading.Tasks (4.3) - restriction: && (>= net46) (>= netstandard1.6)
    System.Threading.Tasks.Parallel (4.3) - restriction: && (>= net46) (>= netstandard1.6)
    System.Threading.Thread (4.3) - restriction: && (>= net46) (>= netstandard1.6)
    System.Threading.ThreadPool (4.3) - restriction: && (>= net46) (>= netstandard1.6)
    System.Threading.Timer (4.3) - restriction: && (>= net46) (>= netstandard1.6)
    xunit (2.1) - restriction: && (>= net46) (< netstandard1.6)
      xunit.assert (2.1)
      xunit.core (2.1)
    xunit.abstractions (2.0) - restriction: || (&& (>= dnx451) (>= net46)) (&& (>= dnxcore50) (>= net46)) (&& (>= net46) (< netstandard1.6))
    xunit.assert (2.1) - restriction: && (>= net46) (< netstandard1.6)
    xunit.core (2.1) - restriction: && (>= net46) (< netstandard1.6)
      xunit.extensibility.core (2.1)
      xunit.extensibility.execution (2.1)
    xunit.extensibility.core (2.1) - restriction: || (&& (>= dnx451) (>= net46)) (&& (>= dnxcore50) (>= net46)) (&& (>= net46) (< netstandard1.6))
      xunit.abstractions (2.0)
    xunit.extensibility.execution (2.1) - restriction: || (&& (>= dnx451) (>= net46)) (&& (>= dnxcore50) (>= net46)) (&& (>= net46) (< netstandard1.6))
      xunit.extensibility.core (2.1)
    xunit.runner.console (2.3)
